GIT
  remote: git://github.com/RobertLowe/active_scaffold_export.git
  revision: eccfab2ee93e51125d9ab277a72bb6e767f5ba69
  specs:
    active_scaffold_export_vho (3.0.1)
      active_scaffold_vho (~> 3.0)

GIT
  remote: git://github.com/josevalim/rails-footnotes.git
  revision: 5d4d0cfeb510d08d7ff6a3a95dfe8466737aa4c9
  branch: rails3
  specs:
    rails-footnotes (3.6.7)

GIT
  remote: git://github.com/vhochstein/active_scaffold.git
  revision: 0ac709dd16aafb2e91990d9ed3fa814d7c2d3140
  specs:
    active_scaffold_vho (3.0.13)
      rails (~> 3.0.0)
      render_component_vho
      verification

GIT
  remote: git://github.com/vhochstein/active_scaffold_batch.git
  revision: 72679d73e1785c5ead88bde66eec3ca9f9677c91
  specs:
    active_scaffold_batch_vho (3.0.3)
      active_scaffold_vho (> 3.0.12)

GIT
  remote: git://github.com/vhochstein/active_scaffold_config_list.git
  revision: 937b6b18ad374d5fb34082aed37a4cf2ebab3297
  specs:
    active_scaffold_config_list_vho (3.0.2)
      active_scaffold_vho (~> 3.0)

GIT
  remote: git://github.com/vhochstein/recordselect.git
  revision: 7d3cd448737739a6ef1b967a6186f123424c2e85
  specs:
    recordselect_vho (3.0.3)
      rails (~> 3.0.0)

GIT
  remote: git://github.com/vhochstein/render_component.git
  revision: 83fd4c671df4d51fabfa75780e4e221ced60c880
  specs:
    render_component_vho (3.0.3)
      railties (~> 3.0.0)

GEM
  remote: http://rubygems.org/
  specs:
    abstract (1.0.0)
    actionmailer (3.0.5)
      actionpack (= 3.0.5)
      mail (~> 2.2.15)
    actionpack (3.0.5)
      activemodel (= 3.0.5)
      activesupport (= 3.0.5)
      builder (~> 2.1.2)
      erubis (~> 2.6.6)
      i18n (~> 0.4)
      rack (~> 1.2.1)
      rack-mount (~> 0.6.13)
      rack-test (~> 0.5.7)
      tzinfo (~> 0.3.23)
    activemodel (3.0.5)
      activesupport (= 3.0.5)
      builder (~> 2.1.2)
      i18n (~> 0.4)
    activerecord (3.0.5)
      activemodel (= 3.0.5)
      activesupport (= 3.0.5)
      arel (~> 2.0.2)
      tzinfo (~> 0.3.23)
    activerecord-import (0.2.5)
      activerecord (~> 3.0.0)
    activeresource (3.0.5)
      activemodel (= 3.0.5)
      activesupport (= 3.0.5)
    activesupport (3.0.5)
    arel (2.0.9)
    bcrypt-ruby (2.1.4)
    builder (2.1.2)
    cancan (1.5.1)
    chargify_api_ares (0.3.8)
    configuration (1.2.0)
    daemons (1.1.0)
    delayed_job (2.1.4)
      activesupport (~> 3.0)
      daemons
    devise (1.1.7)
      bcrypt-ruby (~> 2.1.2)
      warden (~> 1.0.2)
    erubis (2.6.6)
      abstract (>= 1.0.0)
    formtastic (1.2.3)
      actionpack (>= 2.3.7)
      activesupport (>= 2.3.7)
      i18n (~> 0.4)
    haml (3.0.25)
    has_scope (0.5.0)
    heroku (1.18.0)
      json (~> 1.5.1)
      launchy (~> 0.3.2)
      rest-client (< 1.7.0, >= 1.4.0)
    hoptoad_notifier (2.4.6)
      activesupport
      builder
    hpricot (0.8.3)
    i18n (0.5.0)
    inherited_resources (1.2.1)
      has_scope (~> 0.5.0)
      responders (~> 0.6.0)
    json (1.5.1)
    launchy (0.3.7)
      configuration (>= 0.0.5)
      rake (>= 0.8.1)
    mail (2.2.15)
      activesupport (>= 2.3.6)
      i18n (>= 0.4.0)
      mime-types (~> 1.16)
      treetop (~> 1.4.8)
    mime-types (1.16)
    newrelic_rpm (2.13.4)
    pg (0.10.1)
    polyglot (0.3.1)
    rack (1.2.1)
    rack-mount (0.6.13)
      rack (>= 1.0.0)
    rack-test (0.5.7)
      rack (>= 1.0)
    rails (3.0.5)
      actionmailer (= 3.0.5)
      actionpack (= 3.0.5)
      activerecord (= 3.0.5)
      activeresource (= 3.0.5)
      activesupport (= 3.0.5)
      bundler (~> 1.0)
      railties (= 3.0.5)
    railties (3.0.5)
      actionpack (= 3.0.5)
      activesupport (= 3.0.5)
      rake (>= 0.8.7)
      thor (~> 0.14.4)
    rake (0.8.7)
    responders (0.6.2)
    rest-client (1.6.1)
      mime-types (>= 1.16)
    ruby_parser (2.0.6)
      sexp_processor (~> 3.0)
    sequel (3.20.0)
    sexp_processor (3.0.5)
    sinatra (1.0)
      rack (>= 1.0)
    sqlite3 (1.3.3)
    sqlite3-ruby (1.3.3)
      sqlite3 (>= 1.3.3)
    taps (0.3.17)
      json (~> 1.5.1)
      rack (>= 1.0.1)
      rest-client (< 1.7.0, >= 1.4.0)
      sequel (~> 3.20.0)
      sinatra (~> 1.0.0)
      sqlite3-ruby (~> 1.2)
    thor (0.14.6)
    tiny_mce (0.1.4)
    treetop (1.4.9)
      polyglot (>= 0.3.1)
    tzinfo (0.3.24)
    verification (1.0.1)
      actionpack (~> 3.0.0)
      activesupport (~> 3.0.0)
    warden (1.0.3)
      rack (>= 1.0.0)
    will_paginate (2.3.15)
    wirble (0.1.3)

PLATFORMS
  ruby

DEPENDENCIES
  active_scaffold_batch_vho!
  active_scaffold_config_list_vho!
  active_scaffold_export_vho!
  active_scaffold_vho!
  activerecord-import
  cancan
  chargify_api_ares
  delayed_job
  devise
  formtastic
  haml
  heroku
  hoptoad_notifier
  hpricot
  inherited_resources
  newrelic_rpm
  pg
  rails
  rails-footnotes!
  recordselect_vho!
  render_component_vho!
  ruby_parser
  sqlite3
  taps
  tiny_mce
  will_paginate
  wirble
